PATH
  remote: .
  specs:
    lambda_party (0.1.0)
      aws-sigv4 (~> 1.0.2)
      httparty (~> 0.15.6)

GEM
  remote: https://rubygems.org/
  specs:
    aws-sigv4 (1.0.2)
    diff-lcs (1.3)
    httparty (0.15.6)
      multi_xml (>= 0.5.2)
    multi_xml (0.6.0)
    rake (10.5.0)
    rspec (3.7.0)
      rspec-core (~> 3.7.0)
      rspec-expectations (~> 3.7.0)
      rspec-mocks (~> 3.7.0)
    rspec-core (3.7.0)
      rspec-support (~> 3.7.0)
    rspec-expectations (3.7.0)
      diff-lcs (>= 1.2.0, < 2.0)
      rspec-support (~> 3.7.0)
    rspec-mocks (3.7.0)
      diff-lcs (>= 1.2.0, < 2.0)
      rspec-support (~> 3.7.0)
    rspec-support (3.7.0)

PLATFORMS
  ruby

DEPENDENCIES
  aws-sigv4 (~> 1.0.0)
  bundler (~> 1.16)
  httparty (~> 0.15.6)
  lambda_party!
  rake (~> 10.0)
  rspec (~> 3.0)

BUNDLED WITH
   1.16.0
